PATH
  remote: .
  specs:
    buffet-gem (1.2.2)
      colorize
      wopen3

GEM
  remote: http://rubygems.org/
  specs:
    colorize (0.5.8)
    diff-lcs (1.1.2)
    mkdtemp (1.2.1)
    rspec (2.6.0)
      rspec-core (~> 2.6.0)
      rspec-expectations (~> 2.6.0)
      rspec-mocks (~> 2.6.0)
    rspec-core (2.6.4)
    rspec-expectations (2.6.0)
      diff-lcs (~> 1.1.2)
    rspec-mocks (2.6.0)
    wopen3 (0.3)

PLATFORMS
  ruby

DEPENDENCIES
  buffet-gem!
  mkdtemp
  rspec
